PATH
  remote: .
  specs:
    brite_verify (0.0.3)
      rest (~> 3.0.6)

GEM
  remote: https://rubygems.org/
  specs:
    net-http-persistent (2.9.4)
    netrc (0.11.0)
    rest (3.0.8)
      net-http-persistent (>= 2.9.1, < 3)
      netrc

PLATFORMS
  ruby

DEPENDENCIES
  brite_verify!
  bundler (> 1.0.0)

BUNDLED WITH
   1.16.1
